GEM
  remote: https://rubygems.org/
  specs:
    appraisal (2.1.0)
      bundler
      rake
      thor (>= 0.14.0)
    awesome_print (1.7.0)
    power_assert (0.3.0)
    rake (11.2.2)
    test-unit (3.2.0)
      power_assert
    thor (0.19.1)

PLATFORMS
  ruby

DEPENDENCIES
  appraisal
  awesome_print
  rake
  test-unit

BUNDLED WITH
   1.12.5
